GEM
  remote: https://rubygems.org/
  specs:
    gosu (0.10.7-x64-mingw32)

PLATFORMS
  x64-mingw32

DEPENDENCIES
  gosu (~> 0.10.7)

BUNDLED WITH
   1.12.2
